GEM
  remote: https://rubygems.org/
  specs:
    ast (2.4.0)
    coderay (1.1.2)
    eventmachine (1.2.5)
    htmlentities (4.3.4)
    macaddr (1.7.1)
      systemu (~> 2.6.2)
    mini_portile2 (2.4.0)
    mustermann (1.0.2)
    nokogiri (1.10.10)
      mini_portile2 (~> 2.4.0)
    parallel (1.12.1)
    parser (2.5.0.5)
      ast (~> 2.4.0)
    powerpack (0.1.1)
    rack (2.0.4)
    rack-protection (2.0.1)
      rack
    rainbow (3.0.0)
    redcarpet (3.4.0)
    reverse_markdown (1.0.5)
      nokogiri
    rubocop (0.54.0)
      parallel (~> 1.10)
      parser (>= 2.5)
      powerpack (~> 0.1)
      rainbow (>= 2.2.2, < 4.0)
      ruby-progressbar (~> 1.7)
      unicode-display_width (~> 1.0, >= 1.0.1)
    ruby-progressbar (1.9.0)
    sinatra (2.0.1)
      mustermann (~> 1.0)
      rack (~> 2.0)
      rack-protection (= 2.0.1)
      tilt (~> 2.0)
    solargraph (0.18.1)
      bundler (~> 1.14)
      coderay (~> 1.1)
      eventmachine (~> 1.2, >= 1.2.5)
      htmlentities (~> 4.3, >= 4.3.4)
      parser (~> 2.4)
      redcarpet (~> 3.2, >= 3.2.3)
      reverse_markdown (~> 1.0, >= 1.0.5)
      rubocop (~> 0.52)
      sinatra (~> 2)
      thor (~> 0.19, >= 0.19.4)
      yard (~> 0.9)
    systemu (2.6.5)
    thor (0.20.0)
    tilt (2.0.8)
    timecop (0.9.1)
    unicode-display_width (1.3.0)
    uuid (2.3.8)
      macaddr (~> 1.0)
    yard (0.9.12)

PLATFORMS
  ruby

DEPENDENCIES
  solargraph
  timecop
  uuid

BUNDLED WITH
   2.1.4
