GEM
  remote: https://rubygems.org/
  specs:
    ast (2.4.0)
    macaddr (1.7.1)
      systemu (~> 2.6.2)
    mustermann (1.0.2)
    parser (2.5.0.3)
      ast (~> 2.4.0)
    rack (2.0.4)
    rack-protection (2.0.1)
      rack
    ruby_deep_clone (0.8.0)
    sinatra (2.0.1)
      mustermann (~> 1.0)
      rack (~> 2.0)
      rack-protection (= 2.0.1)
      tilt (~> 2.0)
    solargraph (0.17.3)
      bundler (~> 1.14)
      parser (~> 2.4)
      sinatra (~> 2)
      thor (~> 0.19, >= 0.19.4)
      yard (~> 0.9)
    systemu (2.6.5)
    thor (0.20.0)
    tilt (2.0.8)
    timecop (0.9.1)
    uuid (2.3.8)
      macaddr (~> 1.0)
    yard (0.9.12)

PLATFORMS
  ruby

DEPENDENCIES
  ruby_deep_clone
  solargraph
  timecop
  uuid

BUNDLED WITH
   1.16.1
